GEM
  remote: https://rubygems.org/
  specs:
    OptionParser (0.5.1)
    exifr (1.3.5)
    mini_portile2 (2.3.0)
    nokogiri (1.8.5)
      mini_portile2 (~> 2.3.0)

PLATFORMS
  ruby

DEPENDENCIES
  OptionParser
  exifr
  nokogiri

BUNDLED WITH
   1.17.1
